PATH
  remote: .
  specs:
    study_mode (0.1.0)
      paint (~> 2.0.1)

GEM
  remote: https://rubygems.org/
  specs:
    minitest (5.11.3)
    paint (2.0.1)
    rake (10.5.0)

PLATFORMS
  ruby

DEPENDENCIES
  bundler (~> 1.16)
  minitest (~> 5.0)
  rake (~> 10.0)
  study_mode!

BUNDLED WITH
   1.16.2
